PATH
  remote: .
  specs:
    golem_statemachine (1.1.1)
      activesupport

GEM
  remote: https://rubygems.org/
  specs:
    activemodel (5.1.2)
      activesupport (= 5.1.2)
    activerecord (5.1.2)
      activemodel (= 5.1.2)
      activesupport (= 5.1.2)
      arel (~> 8.0)
    activesupport (5.1.2)
      concurrent-ruby (~> 1.0, >= 1.0.2)
      i18n (~> 0.7)
      minitest (~> 5.1)
      tzinfo (~> 1.1)
    arel (8.0.0)
    concurrent-ruby (1.0.5)
    i18n (0.8.6)
    minitest (5.10.2)
    power_assert (0.3.0)
    rake (12.3.3)
    sqlite3 (1.3.11)
    test-unit (3.2.0)
      power_assert
    thread_safe (0.3.6)
    tzinfo (1.2.3)
      thread_safe (~> 0.1)

PLATFORMS
  ruby

DEPENDENCIES
  activerecord
  golem_statemachine!
  rake
  sqlite3
  test-unit

BUNDLED WITH
   1.13.7
